PATH
  remote: .
  specs:
    documented (0.0.0)
      parser
      unparser

GEM
  remote: https://rubygems.org/
  specs:
    ast (2.4.2)
    diff-lcs (1.5.0)
    parser (3.2.2.4)
      ast (~> 2.4.1)
      racc
    racc (1.7.1)
    unparser (0.6.9)
      diff-lcs (~> 1.3)
      parser (>= 3.2.2.4)

PLATFORMS
  arm64-darwin-22

DEPENDENCIES
  documented!

BUNDLED WITH
   2.4.19
